GEM
  remote: http://rubygems.org/
  specs:
    archive-tar-minitar (0.5.2)
    compass (0.10.6)
      haml (>= 3.0.4)
    couchrest (1.0.1)
      json (>= 1.4.6)
      mime-types (>= 1.15)
      rest-client (>= 1.5.1)
    downlow (0.1.4)
      archive-tar-minitar (>= 0.5.2)
      rubyzip (>= 0.9.4)
    haml (3.0.25)
    jim (0.2.3)
      downlow (>= 0.1.3)
      version_sorter (>= 1.1.0)
      yajl-ruby
    json (1.4.6)
    jstdutil (0.3.5)
      rake
      watchr
    mime-types (1.16)
    mustache (0.11.2)
    rack (1.2.1)
    rake (0.8.7)
    rb-fsevent (0.3.10)
    rest-client (1.6.1)
      mime-types (>= 1.16)
    ruby-growl (3.0)
    rubyzip (0.9.4)
    soca (0.1.2)
      compass (~> 0.10.5)
      jim (~> 0.2.3)
      json (~> 1.4.6)
      mime-types (~> 1.16)
      mustache (~> 0.11.2)
      thor (~> 0.14.0)
      typhoeus (~> 0.1.31)
    thor (0.14.6)
    typhoeus (0.1.31)
      rack
    version_sorter (1.1.0)
    watchr (0.7)
    yajl-ruby (0.8.1)

PLATFORMS
  ruby

DEPENDENCIES
  couchrest (~> 1.0.1)
  jstdutil
  rb-fsevent
  ruby-growl
  soca (~> 0.1.2)
